GIT
  remote: git://github.com/braintree/curator.git
  revision: ea52e3798ea37d676f57c4578ea3870dfd3e336f
  specs:
    curator (0.9.0)
      activemodel (>= 3.0.0)
      activesupport (>= 3.0.0)
      json
      riak-client (>= 1.0.0)

GEM
  remote: http://rubygems.org/
  specs:
    activemodel (3.2.12)
      activesupport (= 3.2.12)
      builder (~> 3.0.0)
    activesupport (3.2.12)
      i18n (~> 0.6)
      multi_json (~> 1.0)
    addressable (2.3.3)
    beefcake (0.3.7)
    bson (1.6.0)
    bson_ext (1.6.0)
      bson (= 1.6.0)
    builder (3.0.4)
    cookiejar (0.3.0)
    daemons (1.1.9)
    diff-lcs (1.2.1)
    em-http-request (1.0.3)
      addressable (>= 2.2.3)
      cookiejar
      em-socksify
      eventmachine (>= 1.0.0.beta.4)
      http_parser.rb (>= 0.5.3)
    em-socksify (0.2.1)
      eventmachine (>= 1.0.0.beta.4)
    em-synchrony (1.0.3)
      eventmachine (>= 1.0.0.beta.1)
    eventmachine (1.0.3)
    faraday (0.8.6)
      multipart-post (~> 1.1)
    faraday_middleware (0.9.0)
      faraday (>= 0.7.4, < 0.9)
    hashie (1.2.0)
    http_parser.rb (0.5.3)
    httpauth (0.2.0)
    i18n (0.6.4)
    innertube (1.0.2)
    json (1.7.7)
    jwt (0.1.8)
      multi_json (>= 1.5)
    mime-types (1.21)
    mongo (1.6.0)
      bson (= 1.6.0)
    multi_json (1.7.2)
    multipart-post (1.2.0)
    newrelic_rpm (3.6.0.78)
    nokogiri (1.5.9)
    oauth2 (0.8.1)
      faraday (~> 0.8)
      httpauth (~> 0.1)
      jwt (~> 0.1.4)
      multi_json (~> 1.0)
      rack (~> 1.2)
    oj (2.0.10)
    omniauth (1.1.3)
      hashie (~> 1.2)
      rack
    omniauth-appdotnet (0.0.2)
      omniauth (~> 1.0)
      omniauth-oauth2 (~> 1.0)
    omniauth-oauth2 (1.1.1)
      oauth2 (~> 0.8.0)
      omniauth (~> 1.0)
    rack (1.4.5)
    rack-fiber_pool (0.9.3)
    rack-protection (1.5.0)
      rack
    rack-raw-upload (1.1.1)
      multi_json
    rack-ssl-enforcer (0.2.5)
    rack-test (0.6.2)
      rack (>= 1.0)
    rack_csrf (2.4.0)
      rack (>= 0.9)
    rack_dav (0.3.1)
      nokogiri
      rack (~> 1.4.0)
    riak-client (1.1.1)
      beefcake (~> 0.3.7)
      builder (>= 2.1.2)
      i18n (>= 0.4.0)
      innertube (~> 1.0.2)
      multi_json (~> 1.0)
    rspec (2.13.0)
      rspec-core (~> 2.13.0)
      rspec-expectations (~> 2.13.0)
      rspec-mocks (~> 2.13.0)
    rspec-core (2.13.1)
    rspec-expectations (2.13.0)
      diff-lcs (>= 1.1.3, < 2.0)
    rspec-mocks (2.13.0)
    shotgun (0.9)
      rack (>= 1.0)
    sinatra (1.3.6)
      rack (~> 1.4)
      rack-protection (~> 1.3)
      tilt (~> 1.3, >= 1.3.3)
    sinatra-flash (0.3.0)
      sinatra (>= 1.0.0)
    slim (1.3.6)
      temple (~> 0.5.5)
      tilt (~> 1.3.3)
    temple (0.5.5)
    thin (1.5.1)
      daemons (>= 1.0.9)
      eventmachine (>= 0.12.6)
      rack (>= 1.0.0)
    tilt (1.3.6)

PLATFORMS
  ruby

DEPENDENCIES
  bson_ext (= 1.6.0)
  builder (~> 3.0.0)
  curator!
  em-http-request
  em-synchrony
  faraday
  faraday_middleware
  mime-types
  mongo (= 1.6.0)
  newrelic_rpm
  oj
  omniauth
  omniauth-appdotnet
  rack-fiber_pool
  rack-raw-upload
  rack-ssl-enforcer
  rack-test
  rack_csrf
  rack_dav
  rspec
  shotgun
  sinatra
  sinatra-flash
  slim
  thin
